GEM
  remote: https://rubygems.org/
  specs:
    oauth (0.4.7)
    odesk-api (0.2.3)
      oauth (>= 0.4.7)

PLATFORMS
  ruby

DEPENDENCIES
  odesk-api
